GEM
  remote: https://rubygems.org/
  specs:
    minitest (5.10.2)
    rack (2.0.3)

PLATFORMS
  ruby

DEPENDENCIES
  minitest
  rack

BUNDLED WITH
   1.14.6
